GIT
  remote: git://github.com/stpl/bitbucket.git
  revision: 93289813cbc860031939e4335b00ba082a2afb5e
  specs:
    bitbucket_rest_api (0.1.6)
      faraday (~> 0.8.1)
      faraday_middleware (~> 0.9.0)
      hashie (~> 2.0.5)
      multi_json (~> 1.3)
      nokogiri (>= 1.5.2)
      simple_oauth

PATH
  remote: .
  specs:
    github_bitbucket_audit (0.0.3)
      bitbucket_rest_api (~> 0.1.6)
      github_api (~> 0.11.3)
      semantic_logger (~> 2.7.0)

GEM
  remote: http://rubygems.org/
  specs:
    addressable (2.3.6)
    coderay (1.1.0)
    descendants_tracker (0.0.4)
      thread_safe (~> 0.3, >= 0.3.1)
    faraday (0.8.9)
      multipart-post (~> 1.2.0)
    faraday_middleware (0.9.0)
      faraday (>= 0.7.4, < 0.9)
    ffi (1.9.3-java)
    github_api (0.11.3)
      addressable (~> 2.3)
      descendants_tracker (~> 0.0.1)
      faraday (~> 0.8, < 0.10)
      hashie (>= 1.2)
      multi_json (>= 1.7.5, < 2.0)
      nokogiri (~> 1.6.0)
      oauth2
    hashie (2.0.5)
    jwt (0.1.11)
      multi_json (>= 1.5)
    method_source (0.8.2)
    mini_portile (0.5.3)
    multi_json (1.9.2)
    multi_xml (0.5.5)
    multipart-post (1.2.0)
    nokogiri (1.6.1-java)
      mini_portile (~> 0.5.0)
    oauth2 (0.9.3)
      faraday (>= 0.8, < 0.10)
      jwt (~> 0.1.8)
      multi_json (~> 1.3)
      multi_xml (~> 0.5)
      rack (~> 1.2)
    pry (0.9.12.6-java)
      coderay (~> 1.0)
      method_source (~> 0.8)
      slop (~> 3.4)
      spoon (~> 0.0)
    rack (1.5.2)
    semantic_logger (2.7.0)
      sync_attr (>= 1.0)
      thread_safe (>= 0.1.0)
    simple_oauth (0.2.0)
    slop (3.5.0)
    spoon (0.0.4)
      ffi
    sync_attr (1.0.0)
    thread_safe (0.3.2-java)

PLATFORMS
  java

DEPENDENCIES
  bitbucket_rest_api!
  github_bitbucket_audit!
  pry
